NUGET
  remote: https://nuget.org/api/v2
  specs:
    Base32 (1.0.0.26) - framework: >= net45
    BouncyCastle (1.7.0) - framework: >= net45
    ExtCore (0.8.45) - framework: >= net45
    FSharp.Data (2.1.0) - framework: >= net45
    FSharp.Data.SqlClient (1.5.5) - framework: >= net45
      Microsoft.SqlServer.Types (>= 11.0.0)
    FSharpx.Core (1.8.41) - framework: >= net45
    FSharpx.TypeProviders.AppSettings (1.8.41) - framework: >= net45
    FsPickler (1.0.11) - framework: >= net45
    FsUnit (1.3.0.1) - framework: >= net45
      NUnit (>= 2.6.3)
    log4net (2.0.3) - framework: >= net45
    Microsoft.SqlServer.Types (11.0.0) - framework: >= net45
    morelinq (2.0.0-alpha01) - framework: >= net45
    murmurhash (1.0.0) - framework: >= net45
    NodaTime (1.3.0) - framework: >= net45
    NUnit (2.6.4) - framework: >= net45
    NUnitTestAdapter (1.2) - framework: >= net45
    Rx-Core (2.2.5) - framework: >= net45
      Rx-Interfaces (>= 2.2.5)
    Rx-Interfaces (2.2.5) - framework: >= net45
    Rx-Linq (2.2.5) - framework: >= net45
      Rx-Core (>= 2.2.5)
      Rx-Interfaces (>= 2.2.5)
    Rx-Main (2.2.5) - framework: >= net45
      Rx-Core (>= 2.2.5)
      Rx-Interfaces (>= 2.2.5)
      Rx-Linq (>= 2.2.5)
      Rx-PlatformServices (>= 2.2.5)
    Rx-PlatformServices (2.2.5) - framework: >= net45
      Rx-Core (>= 2.2.5)
      Rx-Interfaces (>= 2.2.5)
    System.Data.SQLite.Core (1.0.94.0) - framework: >= net45
    System.Data.SQLite.Core.MSIL (1.0.94.0) - framework: >= net45
GITHUB
  remote: hhanh00/leveldb-win-binaries
  specs:
    Release/leveldb.dll (a1c7613e8d9740576c0555143d8d4fd6b52c8ed1)
  remote: hhanh00/leveldb-sharp
  specs:
    FULLPROJECT (a6ee95fe9637d948b88d09cc2d375c8658523901)
  remote: joshlang/Secp256k1.NET
  specs:
    FULLPROJECT (2941aa0c170e6afb65c86375db4186958c7b4c84)
  remote: bitcoin/bitcoin
  specs:
    src/test/data/script_invalid.json (086cb336cd8ac0b2a7ad9ff0544c014569c7db38)
    src/test/data/script_valid.json (086cb336cd8ac0b2a7ad9ff0544c014569c7db38)
    src/test/data/sighash.json (086cb336cd8ac0b2a7ad9ff0544c014569c7db38)
    src/test/data/tx_invalid.json (086cb336cd8ac0b2a7ad9ff0544c014569c7db38)
    src/test/data/tx_valid.json (086cb336cd8ac0b2a7ad9ff0544c014569c7db38)